STORAGE: NONE
RESTRICTION: || (== net50) (== netstandard2.0)
NUGET
  remote: https://api.nuget.org/v3/index.json
    Argu (5.2)
      FSharp.Core (>= 4.3.2)
      System.Configuration.ConfigurationManager (>= 4.4)
    Chessie (0.6)
      FSharp.Core (>= 4.0.1.7-alpha)
      NETStandard.Library (>= 1.6)
    Dapper (2.0.78)
      System.Reflection.Emit.Lightweight (>= 4.7) - restriction: == netstandard2.0
    Destructurama.FSharp (1.1.1-dev-00035)
      FSharp.Core (>= 4.3.4)
      Serilog (>= 2.0 < 3.0)
    Dotnet.ProjInfo.Workspace (0.44)
      Dotnet.ProjInfo (>= 0.44)
      FSharp.Core (>= 4.6.2)
      Microsoft.NETFramework.ReferenceAssemblies (>= 1.0)
      Sln (>= 0.3)
    Dotnet.ProjInfo.Workspace.FCS (0.44)
      Dotnet.ProjInfo.Workspace (>= 0.44)
      FSharp.Compiler.Service (>= 37.0)
      FSharp.Core (>= 4.6.2)
      Microsoft.NETFramework.ReferenceAssemblies (>= 1.0)
    editorconfig (0.12.2)
    Expecto (9.0.2)
      FSharp.Core (>= 4.6)
      Mono.Cecil (>= 0.11.2)
    Fake.Core.Context (5.20.4-alpha.1642)
      FSharp.Core (>= 4.7.2)
    Fake.Core.DependencyManager.Paket (5.20.4-alpha.1642)
      FSharp.Core (>= 4.7.2)
    Fake.Runtime (5.20.4-alpha.1642)
      Fake.Core.Context (>= 5.20.4-alpha.1642)
      Fake.Core.DependencyManager.Paket (>= 5.20.4-alpha.1642)
      FSharp.Compiler.Service (>= 37.0)
      FSharp.Core (>= 5.0)
      Microsoft.DotNet.PlatformAbstractions (>= 2.1)
      Mono.Cecil (>= 0.11.3)
      Paket.Core (>= 5.251)
      System.Runtime.Loader (>= 4.3)
    Fantomas (4.3.0-beta-001)
      FSharp.Compiler.Service (>= 38.0)
      FSharp.Core (>= 5.0)
    Fantomas.Extras (4.3.0-beta-001)
      editorconfig (>= 0.12.2)
      Fantomas (>= 4.3.0-beta-001)
      FSharp.Core (>= 5.0)
      MAB.DotIgnore (>= 3.0.2)
    FParsec (1.1.1)
      FSharp.Core (>= 4.3.4)
    FSharp.Analyzers.SDK (0.5)
      FSharp.Compiler.Service (>= 36.0.3) - restriction: || (== net50) (&& (== netstandard2.0) (>= netcoreapp2.0))
      FSharp.Core (>= 4.7.2) - restriction: || (== net50) (&& (== netstandard2.0) (>= netcoreapp2.0))
      McMaster.NETCore.Plugins (>= 1.3) - restriction: || (== net50) (&& (== netstandard2.0) (>= netcoreapp2.0))
    FSharp.Compiler.Service (38.0)
      FSharp.Core (5.0)
    FSharp.Core (5.0)
    FSharp.Data (3.0.1)
      FSharp.Core (>= 4.3.4)
    FSharp.DependencyManager.Nuget (37.0)
      System.Collections.Immutable (>= 1.5)
      System.Diagnostics.Process (>= 4.3)
      System.Diagnostics.TraceSource (>= 4.3)
      System.Linq.Expressions (>= 4.3)
      System.Linq.Queryable (>= 4.3)
      System.Net.Requests (>= 4.3)
      System.Net.Security (>= 4.3)
      System.Reflection.Emit (>= 4.3)
      System.Reflection.Metadata (>= 1.6)
      System.Reflection.TypeExtensions (>= 4.3)
      System.Runtime (>= 4.3)
      System.Runtime.InteropServices (>= 4.3)
      System.Runtime.Loader (>= 4.3)
      System.Security.Claims (>= 4.3)
      System.Security.Cryptography.Algorithms (>= 4.3)
      System.Security.Principal (>= 4.3)
      System.Threading.Tasks.Parallel (>= 4.3)
      System.Threading.Thread (>= 4.3)
      System.Threading.ThreadPool (>= 4.3)
    FSharp.Formatting (7.2.9)
      FSharp.Compiler.Service (>= 36.0.3)
    FSharp.UMX (1.0)
      FSharp.Core (>= 4.3.4)
    FSharpLint.Core (0.17.1)
      Dotnet.ProjInfo (>= 0.44)
      Dotnet.ProjInfo.Workspace (>= 0.41.1)
      Dotnet.ProjInfo.Workspace.FCS (>= 0.41.1)
      FParsec (>= 1.1.1)
      FSharp.Compiler.Service (>= 38.0)
      FSharp.Core (>= 5.0)
      Microsoft.Build.Utilities.Core (>= 16.7)
      Newtonsoft.Json (>= 12.0.3)
    FsToolkit.ErrorHandling (2.0)
      FSharp.Core (>= 4.6.2)
    Humanizer.Core (2.8.26)
    ICSharpCode.Decompiler (6.2.1.6137)
      Humanizer.Core (>= 2.2)
      System.Collections.Immutable (>= 1.5)
      System.Reflection.Metadata (>= 1.6)
      System.ValueTuple (>= 4.3)
    MAB.DotIgnore (3.0.2)
      NETStandard.Library (>= 1.6.1)
    McMaster.NETCore.Plugins (1.3.1) - restriction: || (== net50) (&& (== netstandard2.0) (>= netcoreapp2.0))
      Microsoft.DotNet.PlatformAbstractions (>= 3.1) - restriction: || (== net50) (&& (== netstandard2.0) (>= netcoreapp2.0))
      Microsoft.Extensions.DependencyModel (>= 3.1) - restriction: || (== net50) (&& (== netstandard2.0) (>= netcoreapp2.0))
    Microsoft.Build (16.8) - copy_local: false
      Microsoft.Build.Framework (>= 16.8) - restriction: || (== net50) (&& (== netstandard2.0) (>= net472)) (&& (== netstandard2.0) (>= netcoreapp2.1))
      Microsoft.Win32.Registry (>= 4.3) - restriction: || (== net50) (&& (== netstandard2.0) (>= netcoreapp2.1))
      System.Collections.Immutable (>= 1.5) - restriction: || (== net50) (&& (== netstandard2.0) (>= net472)) (&& (== netstandard2.0) (>= netcoreapp2.1))
      System.Memory (>= 4.5.3) - restriction: || (== net50) (&& (== netstandard2.0) (>= net472)) (&& (== netstandard2.0) (>= netcoreapp2.1))
      System.Reflection.Metadata (>= 1.6) - restriction: || (== net50) (&& (== netstandard2.0) (>= netcoreapp2.1))
      System.Security.Principal.Windows (>= 4.7) - restriction: || (== net50) (&& (== netstandard2.0) (>= netcoreapp2.1))
      System.Text.Encoding.CodePages (>= 4.0.1) - restriction: || (== net50) (&& (== netstandard2.0) (>= netcoreapp2.1))
      System.Text.Json (>= 4.7) - restriction: || (== net50) (&& (== netstandard2.0) (>= net472)) (&& (== netstandard2.0) (>= netcoreapp2.1))
      System.Threading.Tasks.Dataflow (>= 4.9) - restriction: || (== net50) (&& (== netstandard2.0) (>= net472)) (&& (== netstandard2.0) (>= netcoreapp2.1))
    Microsoft.Build.Framework (16.8) - copy_local: false
      System.Security.Permissions (>= 4.7)
    Microsoft.Build.Locator (1.2.6) - restriction: || (== net50) (&& (== netstandard2.0) (>= netcoreapp3.1))
    Microsoft.Build.Tasks.Git (1.0) - copy_local: true
    Microsoft.Build.Utilities.Core (16.8) - copy_local: false
      Microsoft.Build.Framework (>= 16.8)
      Microsoft.Win32.Registry (>= 4.3)
      System.Collections.Immutable (>= 1.5)
      System.Security.Permissions (>= 4.7)
      System.Text.Encoding.CodePages (>= 4.0.1)
    Microsoft.Data.Sqlite (2.2.4)
      Microsoft.Data.Sqlite.Core (>= 2.2.4)
      SQLitePCLRaw.bundle_green (>= 1.1.12)
    Microsoft.Data.Sqlite.Core (2.2.4)
      SQLitePCLRaw.core (>= 1.1.12)
    Microsoft.DotNet.PlatformAbstractions (3.1.6)
    Microsoft.Extensions.DependencyModel (5.0) - restriction: || (== net50) (&& (== netstandard2.0) (>= netcoreapp2.0))
    Microsoft.NETCore.Platforms (5.0) - copy_local: false
    Microsoft.NETCore.Targets (5.0)
    Microsoft.NETFramework.ReferenceAssemblies (1.0)
    Microsoft.SourceLink.Common (1.0) - copy_local: true
    Microsoft.SourceLink.GitHub (1.0) - copy_local: true
      Microsoft.Build.Tasks.Git (>= 1.0)
      Microsoft.SourceLink.Common (>= 1.0)
    Microsoft.Win32.Primitives (4.3)
      Microsoft.NETCore.Platforms (>= 1.1)
      Microsoft.NETCore.Targets (>= 1.1)
      System.Runtime (>= 4.3)
    Microsoft.Win32.Registry (5.0) - copy_local: false
      System.Security.AccessControl (>= 5.0)
      System.Security.Principal.Windows (>= 5.0)
    Microsoft.Win32.SystemEvents (5.0) - restriction: || (== net50) (&& (== netstandard2.0) (>= netcoreapp3.0))
      Microsoft.NETCore.Platforms (>= 5.0) - restriction: || (== net50) (&& (== netstandard2.0) (>= netcoreapp2.0))
    Mono.Cecil (0.11.3)
    NETStandard.Library (2.0.3)
      Microsoft.NETCore.Platforms (>= 1.1)
    Newtonsoft.Json (12.0.3)
    Paket.Core (5.257)
      Chessie (>= 0.6)
      Mono.Cecil (>= 0.10.0-beta6)
      Newtonsoft.Json (>= 10.0.3)
      System.Net.Http.WinHttpHandler (>= 4.5)
      System.Security.Cryptography.ProtectedData (>= 4.4)
    runtime.debian.8-x64.runtime.native.System.Security.Cryptography.OpenSsl (4.3.3)
    runtime.debian.9-x64.runtime.native.System.Security.Cryptography.OpenSsl (4.3.3)
    runtime.fedora.23-x64.runtime.native.System.Security.Cryptography.OpenSsl (4.3.3)
    runtime.fedora.24-x64.runtime.native.System.Security.Cryptography.OpenSsl (4.3.3)
    runtime.fedora.27-x64.runtime.native.System.Security.Cryptography.OpenSsl (4.3.3)
    runtime.fedora.28-x64.runtime.native.System.Security.Cryptography.OpenSsl (4.3.3)
    runtime.native.System (4.3.1)
      Microsoft.NETCore.Platforms (>= 1.1.1)
      Microsoft.NETCore.Targets (>= 1.1.3)
    runtime.native.System.Net.Http (4.3.1)
      Microsoft.NETCore.Platforms (>= 1.1.1)
      Microsoft.NETCore.Targets (>= 1.1.3)
    runtime.native.System.Net.Security (4.3.1)
      Microsoft.NETCore.Platforms (>= 1.1.1)
      Microsoft.NETCore.Targets (>= 1.1.3)
    runtime.native.System.Security.Cryptography.Apple (4.3.1)
      runtime.osx.10.10-x64.runtime.native.System.Security.Cryptography.Apple (>= 4.3.1)
    runtime.native.System.Security.Cryptography.OpenSsl (4.3.3)
      runtime.debian.8-x64.runtime.native.System.Security.Cryptography.OpenSsl (>= 4.3.3)
      runtime.debian.9-x64.runtime.native.System.Security.Cryptography.OpenSsl (>= 4.3.3)
      runtime.fedora.23-x64.runtime.native.System.Security.Cryptography.OpenSsl (>= 4.3.3)
      runtime.fedora.24-x64.runtime.native.System.Security.Cryptography.OpenSsl (>= 4.3.3)
      runtime.fedora.27-x64.runtime.native.System.Security.Cryptography.OpenSsl (>= 4.3.3)
      runtime.fedora.28-x64.runtime.native.System.Security.Cryptography.OpenSsl (>= 4.3.3)
      runtime.opensuse.13.2-x64.runtime.native.System.Security.Cryptography.OpenSsl (>= 4.3.3)
      runtime.opensuse.42.1-x64.runtime.native.System.Security.Cryptography.OpenSsl (>= 4.3.3)
      runtime.opensuse.42.3-x64.runtime.native.System.Security.Cryptography.OpenSsl (>= 4.3.3)
      runtime.osx.10.10-x64.runtime.native.System.Security.Cryptography.OpenSsl (>= 4.3.3)
      runtime.rhel.7-x64.runtime.native.System.Security.Cryptography.OpenSsl (>= 4.3.3)
      runtime.ubuntu.14.04-x64.runtime.native.System.Security.Cryptography.OpenSsl (>= 4.3.3)
      runtime.ubuntu.16.04-x64.runtime.native.System.Security.Cryptography.OpenSsl (>= 4.3.3)
      runtime.ubuntu.16.10-x64.runtime.native.System.Security.Cryptography.OpenSsl (>= 4.3.3)
      runtime.ubuntu.18.04-x64.runtime.native.System.Security.Cryptography.OpenSsl (>= 4.3.3)
    runtime.opensuse.13.2-x64.runtime.native.System.Security.Cryptography.OpenSsl (4.3.3)
    runtime.opensuse.42.1-x64.runtime.native.System.Security.Cryptography.OpenSsl (4.3.3)
    runtime.opensuse.42.3-x64.runtime.native.System.Security.Cryptography.OpenSsl (4.3.3)
    runtime.osx.10.10-x64.runtime.native.System.Security.Cryptography.Apple (4.3.1)
    runtime.osx.10.10-x64.runtime.native.System.Security.Cryptography.OpenSsl (4.3.3)
    runtime.rhel.7-x64.runtime.native.System.Security.Cryptography.OpenSsl (4.3.3)
    runtime.ubuntu.14.04-x64.runtime.native.System.Security.Cryptography.OpenSsl (4.3.3)
    runtime.ubuntu.16.04-x64.runtime.native.System.Security.Cryptography.OpenSsl (4.3.3)
    runtime.ubuntu.16.10-x64.runtime.native.System.Security.Cryptography.OpenSsl (4.3.3)
    runtime.ubuntu.18.04-x64.runtime.native.System.Security.Cryptography.OpenSsl (4.3.3)
    Serilog (2.10)
    Serilog.Sinks.Async (1.4)
      Serilog (>= 2.8)
    Serilog.Sinks.Console (3.1.1)
      Serilog (>= 2.5)
      System.Console (>= 4.3)
      System.Runtime.InteropServices (>= 4.3) - restriction: || (== net50) (&& (== netstandard2.0) (>= netcoreapp1.1))
      System.Runtime.InteropServices.RuntimeInformation (>= 4.3) - restriction: || (== net50) (&& (== netstandard2.0) (>= netcoreapp1.1))
    Serilog.Sinks.File (4.1)
      Serilog (>= 2.5)
      System.IO.FileSystem (>= 4.0.1)
      System.Text.Encoding.Extensions (>= 4.0.11)
      System.Threading.Timer (>= 4.0.1)
    Sln (0.3)
    SQLitePCLRaw.bundle_green (1.1.14)
      NETStandard.Library (>= 1.6)
      SQLitePCLRaw.core (>= 1.1.14)
      SQLitePCLRaw.lib.e_sqlite3.linux (>= 1.1.14) - restriction: || (== net50) (&& (== netstandard2.0) (>= net35) (< portable-net40+sl5+win8+wp8) (< portable-net45+win8+wp8+wpa81)) (&& (== netstandard2.0) (>= net40) (< portable-net45+win8+wp8+wpa81)) (&& (== netstandard2.0) (>= net45)) (&& (== netstandard2.0) (>= netcoreapp1.0))
      SQLitePCLRaw.lib.e_sqlite3.osx (>= 1.1.14) - restriction: || (== net50) (&& (== netstandard2.0) (>= net35) (< portable-net40+sl5+win8+wp8) (< portable-net45+win8+wp8+wpa81)) (&& (== netstandard2.0) (>= net40) (< portable-net45+win8+wp8+wpa81)) (&& (== netstandard2.0) (>= net45)) (&& (== netstandard2.0) (>= netcoreapp1.0)) (&& (== netstandard2.0) (>= xamarinmac))
      SQLitePCLRaw.lib.e_sqlite3.v110_xp (>= 1.1.14) - restriction: || (== net50) (&& (== netstandard2.0) (>= net35) (< portable-net40+sl5+win8+wp8) (< portable-net45+win8+wp8+wpa81)) (&& (== netstandard2.0) (>= net40) (< portable-net45+win8+wp8+wpa81)) (&& (== netstandard2.0) (>= net45)) (&& (== netstandard2.0) (>= netcoreapp1.0))
      SQLitePCLRaw.provider.e_sqlite3.netstandard11 (>= 1.1.14) - restriction: || (== net50) (&& (== netstandard2.0) (>= netcoreapp1.0))
    SQLitePCLRaw.core (1.1.14)
      NETStandard.Library (>= 1.6)
    SQLitePCLRaw.lib.e_sqlite3.linux (1.1.14) - restriction: || (== net50) (&& (== netstandard2.0) (>= net35) (< portable-net40+sl5+win8+wp8) (< portable-net45+win8+wp8+wpa81)) (&& (== netstandard2.0) (>= net40) (< portable-net45+win8+wp8+wpa81)) (&& (== netstandard2.0) (>= net45)) (&& (== netstandard2.0) (>= netcoreapp1.0))
    SQLitePCLRaw.lib.e_sqlite3.osx (1.1.14) - restriction: || (== net50) (&& (== netstandard2.0) (>= net35) (< portable-net40+sl5+win8+wp8) (< portable-net45+win8+wp8+wpa81)) (&& (== netstandard2.0) (>= net40) (< portable-net45+win8+wp8+wpa81)) (&& (== netstandard2.0) (>= net45)) (&& (== netstandard2.0) (>= netcoreapp1.0)) (&& (== netstandard2.0) (>= xamarinmac))
    SQLitePCLRaw.lib.e_sqlite3.v110_xp (1.1.14) - restriction: || (== net50) (&& (== netstandard2.0) (>= net35) (< portable-net40+sl5+win8+wp8) (< portable-net45+win8+wp8+wpa81)) (&& (== netstandard2.0) (>= net40) (< portable-net45+win8+wp8+wpa81)) (&& (== netstandard2.0) (>= net45)) (&& (== netstandard2.0) (>= netcoreapp1.0))
    SQLitePCLRaw.provider.e_sqlite3.netstandard11 (1.1.14) - restriction: || (== net50) (&& (== netstandard2.0) (>= netcoreapp1.0))
      NETStandard.Library (>= 1.6)
      SQLitePCLRaw.core (>= 1.1.14)
    System.Buffers (4.5.1) - restriction: || (&& (== net50) (>= monotouch)) (&& (== net50) (>= net461)) (&& (== net50) (< netcoreapp2.0)) (&& (== net50) (>= xamarinios)) (&& (== net50) (>= xamarinmac)) (&& (== net50) (>= xamarintvos)) (&& (== net50) (>= xamarinwatchos)) (== netstandard2.0)
    System.Collections (4.3)
      Microsoft.NETCore.Platforms (>= 1.1)
      Microsoft.NETCore.Targets (>= 1.1)
      System.Runtime (>= 4.3)
    System.Collections.Concurrent (4.3)
      System.Collections (>= 4.3)
      System.Diagnostics.Debug (>= 4.3)
      System.Diagnostics.Tracing (>= 4.3)
      System.Globalization (>= 4.3)
      System.Reflection (>= 4.3)
      System.Resources.ResourceManager (>= 4.3)
      System.Runtime (>= 4.3)
      System.Runtime.Extensions (>= 4.3)
      System.Threading (>= 4.3)
      System.Threading.Tasks (>= 4.3)
    System.Collections.Immutable (5.0)
      System.Memory (>= 4.5.4) - restriction: || (&& (== net50) (>= net461)) (&& (== net50) (< netcoreapp2.1)) (&& (== net50) (< netstandard2.0)) (&& (== net50) (>= uap10.1)) (== netstandard2.0)
    System.Configuration.ConfigurationManager (5.0)
      System.Security.Cryptography.ProtectedData (>= 5.0)
      System.Security.Permissions (>= 5.0)
    System.Console (4.3.1)
      Microsoft.NETCore.Platforms (>= 1.1)
      Microsoft.NETCore.Targets (>= 1.1.2)
      System.IO (>= 4.3)
      System.Runtime (>= 4.3)
      System.Text.Encoding (>= 4.3)
    System.Diagnostics.Debug (4.3)
      Microsoft.NETCore.Platforms (>= 1.1)
      Microsoft.NETCore.Targets (>= 1.1)
      System.Runtime (>= 4.3)
    System.Diagnostics.DiagnosticSource (5.0)
      System.Memory (>= 4.5.4) - restriction: || (&& (== net50) (>= net45) (< netstandard1.3)) (&& (== net50) (>= net46)) (&& (== net50) (< netcoreapp2.1)) (&& (== net50) (< netstandard2.0)) (&& (== net50) (>= uap10.1)) (== netstandard2.0)
      System.Runtime.CompilerServices.Unsafe (>= 5.0) - restriction: || (&& (== net50) (>= monotouch)) (&& (== net50) (>= net45) (< netstandard1.3)) (&& (== net50) (>= net46)) (&& (== net50) (< netcoreapp2.1)) (&& (== net50) (< netcoreapp3.0)) (&& (== net50) (< netstandard2.0)) (&& (== net50) (>= uap10.1)) (== netstandard2.0)
    System.Diagnostics.Process (4.3)
      Microsoft.NETCore.Platforms (>= 1.1)
      Microsoft.Win32.Primitives (>= 4.3)
      Microsoft.Win32.Registry (>= 4.3)
      runtime.native.System (>= 4.3)
      System.Collections (>= 4.3)
      System.Diagnostics.Debug (>= 4.3)
      System.Globalization (>= 4.3)
      System.IO (>= 4.3)
      System.IO.FileSystem (>= 4.3)
      System.IO.FileSystem.Primitives (>= 4.3)
      System.Resources.ResourceManager (>= 4.3)
      System.Runtime (>= 4.3)
      System.Runtime.Extensions (>= 4.3)
      System.Runtime.Handles (>= 4.3)
      System.Runtime.InteropServices (>= 4.3)
      System.Text.Encoding (>= 4.3)
      System.Text.Encoding.Extensions (>= 4.3)
      System.Threading (>= 4.3)
      System.Threading.Tasks (>= 4.3)
      System.Threading.Thread (>= 4.3)
      System.Threading.ThreadPool (>= 4.3)
    System.Diagnostics.TraceSource (4.3)
      Microsoft.NETCore.Platforms (>= 1.1)
      runtime.native.System (>= 4.3)
      System.Collections (>= 4.3)
      System.Diagnostics.Debug (>= 4.3)
      System.Globalization (>= 4.3)
      System.Resources.ResourceManager (>= 4.3)
      System.Runtime (>= 4.3)
      System.Runtime.Extensions (>= 4.3)
      System.Threading (>= 4.3)
    System.Diagnostics.Tracing (4.3)
      Microsoft.NETCore.Platforms (>= 1.1)
      Microsoft.NETCore.Targets (>= 1.1)
      System.Runtime (>= 4.3)
    System.Drawing.Common (5.0) - restriction: || (== net50) (&& (== netstandard2.0) (>= netcoreapp3.0))
      Microsoft.Win32.SystemEvents (>= 5.0) - restriction: || (== net50) (&& (== netstandard2.0) (>= netcoreapp2.0)) (&& (== netstandard2.0) (>= netcoreapp3.0))
    System.Formats.Asn1 (5.0) - restriction: || (== net50) (&& (== netstandard2.0) (>= netcoreapp3.0))
    System.Globalization (4.3)
      Microsoft.NETCore.Platforms (>= 1.1)
      Microsoft.NETCore.Targets (>= 1.1)
      System.Runtime (>= 4.3)
    System.Globalization.Calendars (4.3)
      Microsoft.NETCore.Platforms (>= 1.1)
      Microsoft.NETCore.Targets (>= 1.1)
      System.Globalization (>= 4.3)
      System.Runtime (>= 4.3)
    System.Globalization.Extensions (4.3)
      Microsoft.NETCore.Platforms (>= 1.1)
      System.Globalization (>= 4.3)
      System.Resources.ResourceManager (>= 4.3)
      System.Runtime (>= 4.3)
      System.Runtime.Extensions (>= 4.3)
      System.Runtime.InteropServices (>= 4.3)
    System.IO (4.3)
      Microsoft.NETCore.Platforms (>= 1.1)
      Microsoft.NETCore.Targets (>= 1.1)
      System.Runtime (>= 4.3)
      System.Text.Encoding (>= 4.3)
      System.Threading.Tasks (>= 4.3)
    System.IO.FileSystem (4.3)
      Microsoft.NETCore.Platforms (>= 1.1)
      Microsoft.NETCore.Targets (>= 1.1)
      System.IO (>= 4.3)
      System.IO.FileSystem.Primitives (>= 4.3)
      System.Runtime (>= 4.3)
      System.Runtime.Handles (>= 4.3)
      System.Text.Encoding (>= 4.3)
      System.Threading.Tasks (>= 4.3)
    System.IO.FileSystem.Primitives (4.3)
      System.Runtime (>= 4.3)
    System.Linq (4.3)
      System.Collections (>= 4.3)
      System.Diagnostics.Debug (>= 4.3)
      System.Resources.ResourceManager (>= 4.3)
      System.Runtime (>= 4.3)
      System.Runtime.Extensions (>= 4.3)
    System.Linq.Expressions (4.3)
      System.Collections (>= 4.3)
      System.Diagnostics.Debug (>= 4.3)
      System.Globalization (>= 4.3)
      System.IO (>= 4.3)
      System.Linq (>= 4.3)
      System.ObjectModel (>= 4.3)
      System.Reflection (>= 4.3)
      System.Reflection.Emit (>= 4.3)
      System.Reflection.Emit.ILGeneration (>= 4.3)
      System.Reflection.Emit.Lightweight (>= 4.3)
      System.Reflection.Extensions (>= 4.3)
      System.Reflection.Primitives (>= 4.3)
      System.Reflection.TypeExtensions (>= 4.3)
      System.Resources.ResourceManager (>= 4.3)
      System.Runtime (>= 4.3)
      System.Runtime.Extensions (>= 4.3)
      System.Threading (>= 4.3)
    System.Linq.Queryable (4.3)
      System.Collections (>= 4.3)
      System.Diagnostics.Debug (>= 4.3)
      System.Linq (>= 4.3)
      System.Linq.Expressions (>= 4.3)
      System.Reflection (>= 4.3)
      System.Reflection.Extensions (>= 4.3)
      System.Resources.ResourceManager (>= 4.3)
      System.Runtime (>= 4.3)
    System.Memory (4.5.4) - copy_local: false
    System.Net.Http (4.3.4)
      Microsoft.NETCore.Platforms (>= 1.1.1)
      runtime.native.System (>= 4.3)
      runtime.native.System.Net.Http (>= 4.3)
      runtime.native.System.Security.Cryptography.OpenSsl (>= 4.3.2)
      System.Collections (>= 4.3)
      System.Diagnostics.Debug (>= 4.3)
      System.Diagnostics.DiagnosticSource (>= 4.3)
      System.Diagnostics.Tracing (>= 4.3)
      System.Globalization (>= 4.3)
      System.Globalization.Extensions (>= 4.3)
      System.IO (>= 4.3)
      System.IO.FileSystem (>= 4.3)
      System.Net.Primitives (>= 4.3)
      System.Resources.ResourceManager (>= 4.3)
      System.Runtime (>= 4.3)
      System.Runtime.Extensions (>= 4.3)
      System.Runtime.Handles (>= 4.3)
      System.Runtime.InteropServices (>= 4.3)
      System.Security.Cryptography.Algorithms (>= 4.3)
      System.Security.Cryptography.Encoding (>= 4.3)
      System.Security.Cryptography.OpenSsl (>= 4.3)
      System.Security.Cryptography.Primitives (>= 4.3)
      System.Security.Cryptography.X509Certificates (>= 4.3)
      System.Text.Encoding (>= 4.3)
      System.Threading (>= 4.3)
      System.Threading.Tasks (>= 4.3)
    System.Net.Http.WinHttpHandler (5.0)
      System.Buffers (>= 4.5.1) - restriction: || (&& (== net50) (>= monotouch)) (&& (== net50) (>= net461)) (&& (== net50) (< netcoreapp2.0)) (&& (== net50) (>= xamarinios)) (&& (== net50) (>= xamarinmac)) (&& (== net50) (>= xamarintvos)) (&& (== net50) (>= xamarinwatchos)) (== netstandard2.0)
      System.Memory (>= 4.5.4) - restriction: || (&& (== net50) (>= net461)) (&& (== net50) (< netcoreapp2.0)) (&& (== net50) (< netcoreapp2.1)) (&& (== net50) (>= uap10.1)) (== netstandard2.0)
    System.Net.Primitives (4.3.1)
      Microsoft.NETCore.Platforms (>= 1.1.1)
      Microsoft.NETCore.Targets (>= 1.1.3)
      System.Runtime (>= 4.3.1)
      System.Runtime.Handles (>= 4.3)
    System.Net.Requests (4.3)
      Microsoft.NETCore.Platforms (>= 1.1)
      System.Collections (>= 4.3)
      System.Diagnostics.Debug (>= 4.3)
      System.Diagnostics.Tracing (>= 4.3)
      System.Globalization (>= 4.3)
      System.IO (>= 4.3)
      System.Net.Http (>= 4.3)
      System.Net.Primitives (>= 4.3)
      System.Net.WebHeaderCollection (>= 4.3)
      System.Resources.ResourceManager (>= 4.3)
      System.Runtime (>= 4.3)
      System.Threading (>= 4.3)
      System.Threading.Tasks (>= 4.3)
    System.Net.Security (4.3.2)
      Microsoft.NETCore.Platforms (>= 1.1)
      Microsoft.Win32.Primitives (>= 4.3)
      runtime.native.System (>= 4.3)
      runtime.native.System.Net.Security (>= 4.3)
      runtime.native.System.Security.Cryptography.OpenSsl (>= 4.3.2)
      System.Collections (>= 4.3)
      System.Collections.Concurrent (>= 4.3)
      System.Diagnostics.Tracing (>= 4.3)
      System.Globalization (>= 4.3)
      System.Globalization.Extensions (>= 4.3)
      System.IO (>= 4.3)
      System.Net.Primitives (>= 4.3)
      System.Resources.ResourceManager (>= 4.3)
      System.Runtime (>= 4.3)
      System.Runtime.Extensions (>= 4.3)
      System.Runtime.Handles (>= 4.3)
      System.Runtime.InteropServices (>= 4.3)
      System.Security.Claims (>= 4.3)
      System.Security.Cryptography.Algorithms (>= 4.3)
      System.Security.Cryptography.Encoding (>= 4.3)
      System.Security.Cryptography.OpenSsl (>= 4.3)
      System.Security.Cryptography.Primitives (>= 4.3)
      System.Security.Cryptography.X509Certificates (>= 4.3)
      System.Security.Principal (>= 4.3)
      System.Text.Encoding (>= 4.3)
      System.Threading (>= 4.3)
      System.Threading.Tasks (>= 4.3)
      System.Threading.ThreadPool (>= 4.3)
    System.Net.WebHeaderCollection (4.3)
      System.Collections (>= 4.3)
      System.Resources.ResourceManager (>= 4.3)
      System.Runtime (>= 4.3)
      System.Runtime.Extensions (>= 4.3)
    System.ObjectModel (4.3)
      System.Collections (>= 4.3)
      System.Diagnostics.Debug (>= 4.3)
      System.Resources.ResourceManager (>= 4.3)
      System.Runtime (>= 4.3)
      System.Threading (>= 4.3)
    System.Reflection (4.3)
      Microsoft.NETCore.Platforms (>= 1.1)
      Microsoft.NETCore.Targets (>= 1.1)
      System.IO (>= 4.3)
      System.Reflection.Primitives (>= 4.3)
      System.Runtime (>= 4.3)
    System.Reflection.Emit (4.7)
      System.Reflection.Emit.ILGeneration (>= 4.7) - restriction: || (&& (== net50) (< netcoreapp2.0) (< netstandard2.1)) (&& (== net50) (< netstandard1.1)) (&& (== net50) (< netstandard2.0)) (&& (== net50) (>= uap10.1)) (== netstandard2.0)
    System.Reflection.Emit.ILGeneration (4.7)
    System.Reflection.Emit.Lightweight (4.7)
      System.Reflection.Emit.ILGeneration (>= 4.7) - restriction: || (&& (== net50) (< netcoreapp2.0) (< netstandard2.1)) (&& (== net50) (< netstandard2.0)) (&& (== net50) (< portable-net45+wp8)) (&& (== net50) (>= uap10.1)) (== netstandard2.0)
    System.Reflection.Extensions (4.3)
      Microsoft.NETCore.Platforms (>= 1.1)
      Microsoft.NETCore.Targets (>= 1.1)
      System.Reflection (>= 4.3)
      System.Runtime (>= 4.3)
    System.Reflection.Metadata (5.0)
      System.Collections.Immutable (>= 5.0) - restriction: || (&& (== net50) (>= net461)) (&& (== net50) (< netstandard1.1)) (&& (== net50) (< netstandard2.0)) (== netstandard2.0)
    System.Reflection.Primitives (4.3)
      Microsoft.NETCore.Platforms (>= 1.1)
      Microsoft.NETCore.Targets (>= 1.1)
      System.Runtime (>= 4.3)
    System.Reflection.TypeExtensions (4.7)
    System.Resources.ResourceManager (4.3)
      Microsoft.NETCore.Platforms (>= 1.1)
      Microsoft.NETCore.Targets (>= 1.1)
      System.Globalization (>= 4.3)
      System.Reflection (>= 4.3)
      System.Runtime (>= 4.3)
    System.Runtime (4.3.1)
      Microsoft.NETCore.Platforms (>= 1.1.1)
      Microsoft.NETCore.Targets (>= 1.1.3)
    System.Runtime.CompilerServices.Unsafe (5.0) - restriction: || (&& (== net50) (>= monotouch)) (&& (== net50) (>= net45) (< netstandard1.3)) (&& (== net50) (>= net46)) (&& (== net50) (< netcoreapp2.1)) (&& (== net50) (< netcoreapp3.0)) (&& (== net50) (< netstandard2.0)) (&& (== net50) (>= uap10.1)) (== netstandard2.0)
    System.Runtime.Extensions (4.3.1)
      Microsoft.NETCore.Platforms (>= 1.1.1)
      Microsoft.NETCore.Targets (>= 1.1.3)
      System.Runtime (>= 4.3.1)
    System.Runtime.Handles (4.3)
      Microsoft.NETCore.Platforms (>= 1.1)
      Microsoft.NETCore.Targets (>= 1.1)
      System.Runtime (>= 4.3)
    System.Runtime.InteropServices (4.3)
      Microsoft.NETCore.Platforms (>= 1.1)
      Microsoft.NETCore.Targets (>= 1.1)
      System.Reflection (>= 4.3)
      System.Reflection.Primitives (>= 4.3)
      System.Runtime (>= 4.3)
      System.Runtime.Handles (>= 4.3)
    System.Runtime.InteropServices.RuntimeInformation (4.3) - restriction: || (== net50) (&& (== netstandard2.0) (>= netcoreapp1.1))
      runtime.native.System (>= 4.3)
      System.Reflection (>= 4.3)
      System.Reflection.Extensions (>= 4.3)
      System.Resources.ResourceManager (>= 4.3)
      System.Runtime (>= 4.3)
      System.Runtime.InteropServices (>= 4.3)
      System.Threading (>= 4.3)
    System.Runtime.Loader (4.3)
      System.IO (>= 4.3)
      System.Reflection (>= 4.3)
      System.Runtime (>= 4.3)
    System.Runtime.Numerics (4.3)
      System.Globalization (>= 4.3)
      System.Resources.ResourceManager (>= 4.3)
      System.Runtime (>= 4.3)
      System.Runtime.Extensions (>= 4.3)
    System.Security.AccessControl (5.0) - copy_local: false
      Microsoft.NETCore.Platforms (>= 5.0) - restriction: || (== net50) (&& (== netstandard2.0) (>= netcoreapp2.0))
      System.Security.Principal.Windows (>= 5.0)
    System.Security.Claims (4.3)
      System.Collections (>= 4.3)
      System.Globalization (>= 4.3)
      System.IO (>= 4.3)
      System.Resources.ResourceManager (>= 4.3)
      System.Runtime (>= 4.3)
      System.Runtime.Extensions (>= 4.3)
      System.Security.Principal (>= 4.3)
    System.Security.Cryptography.Algorithms (4.3.1)
      Microsoft.NETCore.Platforms (>= 1.1)
      runtime.native.System.Security.Cryptography.Apple (>= 4.3.1)
      runtime.native.System.Security.Cryptography.OpenSsl (>= 4.3.2)
      System.Collections (>= 4.3)
      System.IO (>= 4.3)
      System.Resources.ResourceManager (>= 4.3)
      System.Runtime (>= 4.3)
      System.Runtime.Extensions (>= 4.3)
      System.Runtime.Handles (>= 4.3)
      System.Runtime.InteropServices (>= 4.3)
      System.Runtime.Numerics (>= 4.3)
      System.Security.Cryptography.Encoding (>= 4.3)
      System.Security.Cryptography.Primitives (>= 4.3)
      System.Text.Encoding (>= 4.3)
    System.Security.Cryptography.Cng (5.0)
      System.Formats.Asn1 (>= 5.0) - restriction: || (== net50) (&& (== netstandard2.0) (>= netcoreapp3.0))
    System.Security.Cryptography.Csp (4.3)
      Microsoft.NETCore.Platforms (>= 1.1)
      System.IO (>= 4.3)
      System.Reflection (>= 4.3)
      System.Resources.ResourceManager (>= 4.3)
      System.Runtime (>= 4.3)
      System.Runtime.Extensions (>= 4.3)
      System.Runtime.Handles (>= 4.3)
      System.Runtime.InteropServices (>= 4.3)
      System.Security.Cryptography.Algorithms (>= 4.3)
      System.Security.Cryptography.Encoding (>= 4.3)
      System.Security.Cryptography.Primitives (>= 4.3)
      System.Text.Encoding (>= 4.3)
      System.Threading (>= 4.3)
    System.Security.Cryptography.Encoding (4.3)
      Microsoft.NETCore.Platforms (>= 1.1)
      runtime.native.System.Security.Cryptography.OpenSsl (>= 4.3)
      System.Collections (>= 4.3)
      System.Collections.Concurrent (>= 4.3)
      System.Linq (>= 4.3)
      System.Resources.ResourceManager (>= 4.3)
      System.Runtime (>= 4.3)
      System.Runtime.Extensions (>= 4.3)
      System.Runtime.Handles (>= 4.3)
      System.Runtime.InteropServices (>= 4.3)
      System.Security.Cryptography.Primitives (>= 4.3)
      System.Text.Encoding (>= 4.3)
    System.Security.Cryptography.OpenSsl (5.0)
      System.Formats.Asn1 (>= 5.0) - restriction: || (== net50) (&& (== netstandard2.0) (>= netcoreapp3.0))
    System.Security.Cryptography.Primitives (4.3)
      System.Diagnostics.Debug (>= 4.3)
      System.Globalization (>= 4.3)
      System.IO (>= 4.3)
      System.Resources.ResourceManager (>= 4.3)
      System.Runtime (>= 4.3)
      System.Threading (>= 4.3)
      System.Threading.Tasks (>= 4.3)
    System.Security.Cryptography.ProtectedData (5.0)
      System.Memory (>= 4.5.4) - restriction: || (&& (== net50) (< netcoreapp2.1)) (== netstandard2.0)
    System.Security.Cryptography.X509Certificates (4.3.2)
      Microsoft.NETCore.Platforms (>= 1.1)
      runtime.native.System (>= 4.3)
      runtime.native.System.Net.Http (>= 4.3)
      runtime.native.System.Security.Cryptography.OpenSsl (>= 4.3.2)
      System.Collections (>= 4.3)
      System.Diagnostics.Debug (>= 4.3)
      System.Globalization (>= 4.3)
      System.Globalization.Calendars (>= 4.3)
      System.IO (>= 4.3)
      System.IO.FileSystem (>= 4.3)
      System.IO.FileSystem.Primitives (>= 4.3)
      System.Resources.ResourceManager (>= 4.3)
      System.Runtime (>= 4.3)
      System.Runtime.Extensions (>= 4.3)
      System.Runtime.Handles (>= 4.3)
      System.Runtime.InteropServices (>= 4.3)
      System.Runtime.Numerics (>= 4.3)
      System.Security.Cryptography.Algorithms (>= 4.3)
      System.Security.Cryptography.Cng (>= 4.3)
      System.Security.Cryptography.Csp (>= 4.3)
      System.Security.Cryptography.Encoding (>= 4.3)
      System.Security.Cryptography.OpenSsl (>= 4.3)
      System.Security.Cryptography.Primitives (>= 4.3)
      System.Text.Encoding (>= 4.3)
      System.Threading (>= 4.3)
    System.Security.Permissions (5.0)
      System.Security.AccessControl (>= 5.0)
      System.Windows.Extensions (>= 5.0) - restriction: || (== net50) (&& (== netstandard2.0) (>= netcoreapp3.0))
    System.Security.Principal (4.3)
      System.Runtime (>= 4.3)
    System.Security.Principal.Windows (5.0) - copy_local: false, restriction: || (== net50) (&& (== netstandard2.0) (>= netcoreapp2.1))
    System.Text.Encoding (4.3)
      Microsoft.NETCore.Platforms (>= 1.1)
      Microsoft.NETCore.Targets (>= 1.1)
      System.Runtime (>= 4.3)
    System.Text.Encoding.CodePages (5.0) - copy_local: false
      Microsoft.NETCore.Platforms (>= 5.0) - restriction: || (== net50) (&& (== netstandard2.0) (>= net50)) (&& (== netstandard2.0) (>= netcoreapp2.0))
    System.Text.Encoding.Extensions (4.3)
      Microsoft.NETCore.Platforms (>= 1.1)
      Microsoft.NETCore.Targets (>= 1.1)
      System.Runtime (>= 4.3)
      System.Text.Encoding (>= 4.3)
    System.Text.Json (5.0) - copy_local: false, restriction: || (== net50) (&& (== netstandard2.0) (>= net472)) (&& (== netstandard2.0) (>= netcoreapp2.1))
    System.Threading (4.3)
      System.Runtime (>= 4.3)
      System.Threading.Tasks (>= 4.3)
    System.Threading.Tasks (4.3)
      Microsoft.NETCore.Platforms (>= 1.1)
      Microsoft.NETCore.Targets (>= 1.1)
      System.Runtime (>= 4.3)
    System.Threading.Tasks.Dataflow (5.0) - copy_local: false, restriction: || (== net50) (&& (== netstandard2.0) (>= net472)) (&& (== netstandard2.0) (>= netcoreapp2.1))
    System.Threading.Tasks.Parallel (4.3)
      System.Collections.Concurrent (>= 4.3)
      System.Diagnostics.Debug (>= 4.3)
      System.Diagnostics.Tracing (>= 4.3)
      System.Resources.ResourceManager (>= 4.3)
      System.Runtime (>= 4.3)
      System.Runtime.Extensions (>= 4.3)
      System.Threading (>= 4.3)
      System.Threading.Tasks (>= 4.3)
    System.Threading.Thread (4.3)
      System.Runtime (>= 4.3)
    System.Threading.ThreadPool (4.3)
      System.Runtime (>= 4.3)
      System.Runtime.Handles (>= 4.3)
    System.Threading.Timer (4.3)
      Microsoft.NETCore.Platforms (>= 1.1)
      Microsoft.NETCore.Targets (>= 1.1)
      System.Runtime (>= 4.3)
    System.ValueTuple (4.5)
    System.Windows.Extensions (5.0) - restriction: || (== net50) (&& (== netstandard2.0) (>= netcoreapp3.0))
      System.Drawing.Common (>= 5.0) - restriction: || (== net50) (&& (== netstandard2.0) (>= netcoreapp3.0))
  remote: ./libs
    Dotnet.ProjInfo (0.45.0-preview02)
      Dotnet.ProjInfo.Sln (>= 0.45.0-preview02) - restriction: || (== net50) (&& (== netstandard2.0) (>= netcoreapp3.1))
      FSharp.Core (>= 5.0) - restriction: || (== net50) (&& (== netstandard2.0) (>= netcoreapp3.1))
      Microsoft.Build (>= 16.8) - restriction: || (== net50) (&& (== netstandard2.0) (>= netcoreapp3.1))
      Microsoft.Build.Locator (>= 1.2.6) - restriction: || (== net50) (&& (== netstandard2.0) (>= netcoreapp3.1))
    Dotnet.ProjInfo.FCS (0.45.0-preview02)
      Dotnet.ProjInfo (>= 0.45.0-preview02) - restriction: || (== net50) (&& (== netstandard2.0) (>= net50))
      FSharp.Compiler.Service (>= 38.0) - restriction: || (== net50) (&& (== netstandard2.0) (>= net50))
      FSharp.Core (>= 5.0) - restriction: || (== net50) (&& (== netstandard2.0) (>= net50))
    Dotnet.ProjInfo.ProjectSystem (0.45.0-preview02)
      Dotnet.ProjInfo (>= 0.45.0-preview02) - restriction: || (== net50) (&& (== netstandard2.0) (>= net50))
      Dotnet.ProjInfo.FCS (>= 0.45.0-preview02) - restriction: || (== net50) (&& (== netstandard2.0) (>= net50))
      Dotnet.ProjInfo.Sln (>= 0.45.0-preview02) - restriction: || (== net50) (&& (== netstandard2.0) (>= net50))
      FSharp.Compiler.Service (>= 38.0) - restriction: || (== net50) (&& (== netstandard2.0) (>= net50))
      FSharp.Core (>= 5.0) - restriction: || (== net50) (&& (== netstandard2.0) (>= net50))
      Newtonsoft.Json (>= 12.0.3) - restriction: || (== net50) (&& (== netstandard2.0) (>= net50))
    Dotnet.ProjInfo.Sln (0.45.0-preview02) - restriction: || (== net50) (&& (== netstandard2.0) (>= netcoreapp3.1))
GITHUB
  remote: TheAngryByrd/FsLibLog
    src/FsLibLog/FsLibLog.fs (f81cba440bf0476bb4e2262b57a067a0d6ab78a7)
GROUP Build
STORAGE: NONE
RESTRICTION: == netstandard2.0
NUGET
  remote: https://api.nuget.org/v3/index.json
    BlackFox.VsWhere (1.1)
      FSharp.Core (>= 4.2.3)
      Microsoft.Win32.Registry (>= 4.7)
    Fake.Api.GitHub (5.20.3)
      FSharp.Core (>= 4.7.2)
      Octokit (>= 0.48)
    Fake.Core.CommandLineParsing (5.20.3)
      FParsec (>= 1.1.1)
      FSharp.Core (>= 4.7.2)
    Fake.Core.Context (5.20.3)
      FSharp.Core (>= 4.7.2)
    Fake.Core.Environment (5.20.3)
      FSharp.Core (>= 4.7.2)
    Fake.Core.FakeVar (5.20.3)
      Fake.Core.Context (>= 5.20.3)
      FSharp.Core (>= 4.7.2)
    Fake.Core.Process (5.20.3)
      Fake.Core.Environment (>= 5.20.3)
      Fake.Core.FakeVar (>= 5.20.3)
      Fake.Core.String (>= 5.20.3)
      Fake.Core.Trace (>= 5.20.3)
      Fake.IO.FileSystem (>= 5.20.3)
      FSharp.Core (>= 4.7.2)
      System.Collections.Immutable (>= 1.7.1)
    Fake.Core.ReleaseNotes (5.20.3)
      Fake.Core.SemVer (>= 5.20.3)
      Fake.Core.String (>= 5.20.3)
      FSharp.Core (>= 4.7.2)
    Fake.Core.SemVer (5.20.3)
      FSharp.Core (>= 4.7.2)
    Fake.Core.String (5.20.3)
      FSharp.Core (>= 4.7.2)
    Fake.Core.Target (5.20.3)
      Fake.Core.CommandLineParsing (>= 5.20.3)
      Fake.Core.Context (>= 5.20.3)
      Fake.Core.Environment (>= 5.20.3)
      Fake.Core.FakeVar (>= 5.20.3)
      Fake.Core.Process (>= 5.20.3)
      Fake.Core.String (>= 5.20.3)
      Fake.Core.Trace (>= 5.20.3)
      FSharp.Control.Reactive (>= 4.4.2)
      FSharp.Core (>= 4.7.2)
    Fake.Core.Tasks (5.20.3)
      Fake.Core.Trace (>= 5.20.3)
      FSharp.Core (>= 4.7.2)
    Fake.Core.Trace (5.20.3)
      Fake.Core.Environment (>= 5.20.3)
      Fake.Core.FakeVar (>= 5.20.3)
      FSharp.Core (>= 4.7.2)
    Fake.Core.UserInput (5.20.3)
      FSharp.Core (>= 4.7.2)
    Fake.Core.Xml (5.20.3)
      Fake.Core.String (>= 5.20.3)
      FSharp.Core (>= 4.7.2)
    Fake.DotNet.AssemblyInfoFile (5.20.3)
      Fake.Core.Environment (>= 5.20.3)
      Fake.Core.String (>= 5.20.3)
      Fake.Core.Trace (>= 5.20.3)
      Fake.IO.FileSystem (>= 5.20.3)
      FSharp.Core (>= 4.7.2)
    Fake.DotNet.Cli (5.20.3)
      Fake.Core.Environment (>= 5.20.3)
      Fake.Core.Process (>= 5.20.3)
      Fake.Core.String (>= 5.20.3)
      Fake.Core.Trace (>= 5.20.3)
      Fake.DotNet.MSBuild (>= 5.20.3)
      Fake.DotNet.NuGet (>= 5.20.3)
      Fake.IO.FileSystem (>= 5.20.3)
      FSharp.Core (>= 4.7.2)
      Mono.Posix.NETStandard (>= 1.0)
      Newtonsoft.Json (>= 12.0.3)
    Fake.DotNet.MSBuild (5.20.3)
      BlackFox.VsWhere (>= 1.1)
      Fake.Core.Environment (>= 5.20.3)
      Fake.Core.Process (>= 5.20.3)
      Fake.Core.String (>= 5.20.3)
      Fake.Core.Trace (>= 5.20.3)
      Fake.IO.FileSystem (>= 5.20.3)
      FSharp.Core (>= 4.7.2)
      MSBuild.StructuredLogger (>= 2.1.176)
    Fake.DotNet.NuGet (5.20.3)
      Fake.Core.Environment (>= 5.20.3)
      Fake.Core.Process (>= 5.20.3)
      Fake.Core.SemVer (>= 5.20.3)
      Fake.Core.String (>= 5.20.3)
      Fake.Core.Tasks (>= 5.20.3)
      Fake.Core.Trace (>= 5.20.3)
      Fake.Core.Xml (>= 5.20.3)
      Fake.IO.FileSystem (>= 5.20.3)
      Fake.Net.Http (>= 5.20.3)
      FSharp.Core (>= 4.7.2)
      Newtonsoft.Json (>= 12.0.3)
      NuGet.Protocol (>= 5.6)
    Fake.DotNet.Paket (5.20.3)
      Fake.Core.Process (>= 5.20.3)
      Fake.Core.String (>= 5.20.3)
      Fake.Core.Trace (>= 5.20.3)
      Fake.DotNet.Cli (>= 5.20.3)
      Fake.IO.FileSystem (>= 5.20.3)
      FSharp.Core (>= 4.7.2)
    Fake.IO.FileSystem (5.20.3)
      Fake.Core.String (>= 5.20.3)
      FSharp.Core (>= 4.7.2)
    Fake.IO.Zip (5.20.3)
      Fake.Core.String (>= 5.20.3)
      Fake.IO.FileSystem (>= 5.20.3)
      FSharp.Core (>= 4.7.2)
    Fake.Net.Http (5.20.3)
      Fake.Core.Trace (>= 5.20.3)
      FSharp.Core (>= 4.7.2)
    Fake.Tools.Git (5.20.3)
      Fake.Core.Environment (>= 5.20.3)
      Fake.Core.Process (>= 5.20.3)
      Fake.Core.SemVer (>= 5.20.3)
      Fake.Core.String (>= 5.20.3)
      Fake.Core.Trace (>= 5.20.3)
      Fake.IO.FileSystem (>= 5.20.3)
      FSharp.Core (>= 4.7.2)
    FParsec (1.1.1)
      FSharp.Core (>= 4.3.4)
    FSharp.Control.Reactive (4.4.2)
      FSharp.Core (>= 4.7.2)
      System.Reactive (>= 4.4.1)
    FSharp.Core (5.0)
    Microsoft.Build (16.8)
    Microsoft.Build.Framework (16.8)
      System.Security.Permissions (>= 4.7)
    Microsoft.Build.Tasks.Core (16.8)
      Microsoft.Build.Framework (>= 16.8)
      Microsoft.Build.Utilities.Core (>= 16.8)
      Microsoft.Win32.Registry (>= 4.3)
      System.CodeDom (>= 4.4)
      System.Collections.Immutable (>= 1.5)
      System.Reflection.Metadata (>= 1.6)
      System.Reflection.TypeExtensions (>= 4.1)
      System.Resources.Extensions (>= 4.6)
      System.Runtime.InteropServices (>= 4.3)
      System.Security.Cryptography.Pkcs (>= 4.7)
      System.Security.Cryptography.Xml (>= 4.7)
      System.Security.Permissions (>= 4.7)
      System.Threading.Tasks.Dataflow (>= 4.9)
    Microsoft.Build.Utilities.Core (16.8)
      Microsoft.Build.Framework (>= 16.8)
      Microsoft.Win32.Registry (>= 4.3)
      System.Collections.Immutable (>= 1.5)
      System.Security.Permissions (>= 4.7)
      System.Text.Encoding.CodePages (>= 4.0.1)
    Microsoft.NETCore.Platforms (5.0)
    Microsoft.NETCore.Targets (5.0)
    Microsoft.Win32.Registry (5.0)
      System.Buffers (>= 4.5.1)
      System.Memory (>= 4.5.4)
      System.Security.AccessControl (>= 5.0)
      System.Security.Principal.Windows (>= 5.0)
    Mono.Posix.NETStandard (1.0)
    MSBuild.StructuredLogger (2.1.215)
      Microsoft.Build (>= 16.4)
      Microsoft.Build.Framework (>= 16.4)
      Microsoft.Build.Tasks.Core (>= 16.4)
      Microsoft.Build.Utilities.Core (>= 16.4)
    Newtonsoft.Json (12.0.3)
    NuGet.Common (5.8)
      NuGet.Frameworks (>= 5.8)
    NuGet.Configuration (5.8)
      NuGet.Common (>= 5.8)
      System.Security.Cryptography.ProtectedData (>= 4.4)
    NuGet.Frameworks (5.8)
    NuGet.Packaging (5.8)
      Newtonsoft.Json (>= 9.0.1)
      NuGet.Configuration (>= 5.8)
      NuGet.Versioning (>= 5.8)
      System.Security.Cryptography.Cng (>= 5.0.0-preview.3.20214.6)
      System.Security.Cryptography.Pkcs (>= 5.0.0-preview.3.20214.6)
    NuGet.Protocol (5.8)
      NuGet.Packaging (>= 5.8)
    NuGet.Versioning (5.8)
    Octokit (0.48)
    System.Buffers (4.5.1)
    System.CodeDom (5.0)
    System.Collections.Immutable (5.0)
      System.Memory (>= 4.5.4)
    System.Formats.Asn1 (5.0)
      System.Buffers (>= 4.5.1)
      System.Memory (>= 4.5.4)
    System.IO (4.3)
      Microsoft.NETCore.Platforms (>= 1.1)
      Microsoft.NETCore.Targets (>= 1.1)
      System.Runtime (>= 4.3)
      System.Text.Encoding (>= 4.3)
      System.Threading.Tasks (>= 4.3)
    System.Memory (4.5.4)
      System.Buffers (>= 4.5.1)
      System.Numerics.Vectors (>= 4.4)
      System.Runtime.CompilerServices.Unsafe (>= 4.5.3)
    System.Numerics.Vectors (4.5)
    System.Reactive (5.0)
      System.Runtime.InteropServices.WindowsRuntime (>= 4.3)
      System.Threading.Tasks.Extensions (>= 4.5.4)
    System.Reflection (4.3)
      Microsoft.NETCore.Platforms (>= 1.1)
      Microsoft.NETCore.Targets (>= 1.1)
      System.IO (>= 4.3)
      System.Reflection.Primitives (>= 4.3)
      System.Runtime (>= 4.3)
    System.Reflection.Metadata (5.0)
      System.Collections.Immutable (>= 5.0)
    System.Reflection.Primitives (4.3)
      Microsoft.NETCore.Platforms (>= 1.1)
      Microsoft.NETCore.Targets (>= 1.1)
      System.Runtime (>= 4.3)
    System.Reflection.TypeExtensions (4.7)
    System.Resources.Extensions (5.0)
      System.Memory (>= 4.5.4)
    System.Runtime (4.3.1)
      Microsoft.NETCore.Platforms (>= 1.1.1)
      Microsoft.NETCore.Targets (>= 1.1.3)
    System.Runtime.CompilerServices.Unsafe (5.0)
    System.Runtime.Handles (4.3)
      Microsoft.NETCore.Platforms (>= 1.1)
      Microsoft.NETCore.Targets (>= 1.1)
      System.Runtime (>= 4.3)
    System.Runtime.InteropServices (4.3)
      Microsoft.NETCore.Platforms (>= 1.1)
      Microsoft.NETCore.Targets (>= 1.1)
      System.Reflection (>= 4.3)
      System.Reflection.Primitives (>= 4.3)
      System.Runtime (>= 4.3)
      System.Runtime.Handles (>= 4.3)
    System.Runtime.InteropServices.WindowsRuntime (4.3)
      System.Runtime (>= 4.3)
    System.Security.AccessControl (5.0)
      System.Security.Principal.Windows (>= 5.0)
    System.Security.Cryptography.Cng (5.0)
    System.Security.Cryptography.Pkcs (5.0)
      System.Buffers (>= 4.5.1)
      System.Formats.Asn1 (>= 5.0)
      System.Memory (>= 4.5.4)
      System.Security.Cryptography.Cng (>= 5.0)
    System.Security.Cryptography.ProtectedData (5.0)
      System.Memory (>= 4.5.4)
    System.Security.Cryptography.Xml (5.0)
      System.Memory (>= 4.5.4)
      System.Security.Cryptography.Pkcs (>= 5.0)
      System.Security.Permissions (>= 5.0)
    System.Security.Permissions (5.0)
      System.Security.AccessControl (>= 5.0)
    System.Security.Principal.Windows (5.0)
    System.Text.Encoding (4.3)
      Microsoft.NETCore.Platforms (>= 1.1)
      Microsoft.NETCore.Targets (>= 1.1)
      System.Runtime (>= 4.3)
    System.Text.Encoding.CodePages (5.0)
      System.Runtime.CompilerServices.Unsafe (>= 5.0)
    System.Threading.Tasks (4.3)
      Microsoft.NETCore.Platforms (>= 1.1)
      Microsoft.NETCore.Targets (>= 1.1)
      System.Runtime (>= 4.3)
    System.Threading.Tasks.Dataflow (5.0)
    System.Threading.Tasks.Extensions (4.5.4)
      System.Runtime.CompilerServices.Unsafe (>= 4.5.3)

GROUP SourceLink
STORAGE: NONE
NUGET
  remote: https://api.nuget.org/v3/index.json
    SourceLink.Create.CommandLine (2.7.4)
    SourceLink.Embed.PaketFiles (2.7.4)
